{
	"Modality": "MR",
	"MagneticFieldStrength": 7,
	"ImagingFrequency": 297.146,
	"Manufacturer": "Siemens",
	"ManufacturersModelName": "Terra",
	"InstitutionName": "NIH",
	"InstitutionalDepartmentName": "Department",
	"InstitutionAddress": "CENTER DR 10,Bethesda,Maryland,US,20892",
	"DeviceSerialNumber": "79139",
	"StationName": "AWP79139",
	"BodyPartExamined": "BRAIN",
	"PatientPosition": "HFS",
	"ProcedureStepDescription": "FMRIF^[XT-ID:93-M-0170]Renzo",
	"SoftwareVersions": "syngo MR E12",
	"MRAcquisitionType": "3D",
	"SeriesDescription": "sub_microL_4p6_functional_run1_E00_S01_M",
	"ProtocolName": "sub_microL_4p6_functional_run1",
	"ScanningSequence": "RM\\IR",
	"SequenceVariant": "SK\\SP\\MP\\OSP",
	"ScanOptions": "IR\\PFP\\FS",
	"SequenceName": "vx_ep3d:maastric",
	"ImageType": ["ORIGINAL", "PRIMARY", "M", "ND", "ECHO", "00", "SET", "01", "COMBINED", "MOSAIC"],
	"NonlinearGradientCorrection": false,
	"SeriesNumber": 13,
	"AcquisitionTime": "14:50:17.665000",
	"AcquisitionNumber": 1,
	"ImageComments": "E00_S01_Com",
	"SliceThickness": 0.46,
	"SpacingBetweenSlices": 0.46,
	"SAR": 0.166967,
	"EchoTime": 0.0201,
	"RepetitionTime": 0.0588,
	"SpoilingState": true,
	"InversionTime": 1.1892,
	"FlipAngle": 45,
	"PartialFourier": 0.75,
	"BaseResolution": 308,
	"ShimSetting": [
		-2840,
		5709,
		-1340,
		164,
		66,
		-378,
		112,
		171	],
	"TxRefAmp": 200,
	"PhaseResolution": 0.87,
	"ReceiveCoilName": "1Tx32Rx_Head",
	"CoilString": "A32",
	"PulseSequenceDetails": "%CustomerSeq%\\rslh_ep3d_vaso_maa4j",
	"WipMemBlock": "git@gitlab.dzne.de:idea/vx_ep3d.git:vaso:26dc5a59:maastricht4j",
	"RefLinesPE": 75,
	"CoilCombinationMethod": "Sum of Squares",
	"ConsistencyInfo": "N4_VE12U_LATEST_20181126",
	"AccelFact3D": 3,
	"PercentPhaseFOV": 99.3506,
	"PercentSampling": 87,
	"PhaseEncodingSteps": 200,
	"AcquisitionMatrixPE": 266,
	"ReconMatrixPE": 306,
	"BandwidthPerPixelPhaseEncode": 14.741,
	"ParallelReductionFactorInPlane": 3,
	"EffectiveEchoSpacing": 0.000221693,
	"DerivedVendorReportedEchoSpacing": 0.000665078,
	"TotalReadoutTime": 0.0676163,
	"PixelBandwidth": 740,
	"DwellTime": 2.2e-06,
	"ImageOrientationPatientDICOM": [
		1,
		0,
		0,
		0,
		1,
		0	],
	"ImageOrientationText": "Tra",
	"InPlanePhaseEncodingDirectionDICOM": "COL",
	"ConversionSoftware": "dcm2niix",
	"ConversionSoftwareVersion": "v1.0.20220720"
}
